GIT
  remote: git://github.com/darkhelmet/lol_concurrency.git
  revision: 198ba49432aabd607197dc75e653f19ef89741bb
  specs:
    lol_concurrency (0.0.1)

GEM
  remote: https://rubygems.org/
  specs:
    activesupport (4.0.0)
      i18n (~> 0.6, >= 0.6.4)
      minitest (~> 4.2)
      multi_json (~> 1.3)
      thread_safe (~> 0.1)
      tzinfo (~> 0.3.37)
    atomic (1.1.10)
    builder (3.2.2)
    dalli (2.6.4)
    i18n (0.6.4)
    memcachier (0.0.2)
    mime-types (1.21)
    mini_portile (0.5.0)
    minitest (4.7.5)
    multi_json (1.7.7)
    nokogiri (1.6.0)
      mini_portile (~> 0.5.0)
    puma (2.3.1)
      rack (>= 1.1, < 2.0)
    puma (2.3.1-java)
      rack (>= 1.1, < 2.0)
    rack (1.5.2)
    rack-protection (1.5.0)
      rack
    rest-client (1.6.7)
      mime-types (>= 1.16)
    sinatra (1.4.3)
      rack (~> 1.4)
      rack-protection (~> 1.4)
      tilt (~> 1.3, >= 1.3.4)
    thread_safe (0.1.0)
      atomic
    tilt (1.4.1)
    tzinfo (0.3.37)

PLATFORMS
  java
  ruby

DEPENDENCIES
  activesupport (~> 4.0.0)
  builder (~> 3.2.2)
  dalli (~> 2.6.4)
  lol_concurrency!
  memcachier
  nokogiri (~> 1.6.0)
  puma (~> 2.3.1)
  rest-client (~> 1.6.7)
  sinatra (~> 1.4.3)
