GIT
  remote: git://github.com/darkhelmet/lol_concurrency.git
  revision: 198ba49432aabd607197dc75e653f19ef89741bb
  specs:
    lol_concurrency (0.0.1)

GEM
  remote: https://rubygems.org/
  specs:
    activesupport (4.2.4)
      i18n (~> 0.7)
      json (~> 1.7, >= 1.7.7)
      minitest (~> 5.1)
      thread_safe (~> 0.3, >= 0.3.4)
      tzinfo (~> 1.1)
    builder (3.2.2)
    dalli (2.6.4)
    i18n (0.7.0)
    json (1.8.3)
    json (1.8.3-java)
    memcachier (0.0.2)
    mime-types (1.21)
    mini_portile (0.5.0)
    minitest (5.8.1)
    nokogiri (1.6.0)
      mini_portile (~> 0.5.0)
    nokogiri (1.6.0-java)
      mini_portile (~> 0.5.0)
    puma (2.14.0)
    puma (2.14.0-java)
    rack (1.6.4)
    rack-protection (1.5.3)
      rack
    rest-client (1.6.7)
      mime-types (>= 1.16)
    sinatra (1.4.6)
      rack (~> 1.4)
      rack-protection (~> 1.4)
      tilt (>= 1.3, < 3)
    thread_safe (0.3.5)
    thread_safe (0.3.5-java)
    tilt (2.0.1)
    tzinfo (1.2.2)
      thread_safe (~> 0.1)

PLATFORMS
  java
  ruby

DEPENDENCIES
  activesupport (~> 4.2.4)
  builder (~> 3.2.2)
  dalli (~> 2.6.4)
  lol_concurrency!
  memcachier
  nokogiri (~> 1.6.0)
  puma (~> 2.14.0)
  rest-client (~> 1.6.7)
  sinatra (~> 1.4.6)

BUNDLED WITH
   1.10.6
